GEM
  remote: https://rubygems.org/
  specs:
    bigdecimal (3.2.2)
    csv (3.3.5)
    dirigera (0.1.1)
      httparty
    httparty (0.23.2)
      csv
      mini_mime (>= 1.0.0)
      multi_xml (>= 0.5.2)
    json (2.13.2)
    mini_mime (1.1.5)
    mqtt (0.6.0)
    multi_xml (0.7.2)
      bigdecimal (~> 3.1)

PLATFORMS
  arm64-darwin-24
  ruby

DEPENDENCIES
  dirigera
  json
  mqtt

BUNDLED WITH
   2.6.6
